PATH
  remote: .
  specs:
    horror-movie-cli (0.1.0)

GEM
  remote: https://rubygems.org/
  specs:
    colorize (0.8.1)
    mini_portile2 (2.4.0)
    nokogiri (1.10.5)
      mini_portile2 (~> 2.4.0)
    rake (13.0.1)

PLATFORMS
  ruby

DEPENDENCIES
  bundler (~> 2.0)
  colorize
  horror-movie-cli!
  nokogiri
  rake (~> 13.0)

BUNDLED WITH
   2.1.0.pre.1
